GEM
  specs:
    rake (10.5.0)

PLATFORMS
  ruby

DEPENDENCIES
  rake (< 11.0)

BUNDLED WITH
   1.11.2
